GEM
  remote: https://rubygems.org/
  specs:
    activesupport (4.1.4)
      i18n (~> 0.6, >= 0.6.9)
      json (~> 1.7, >= 1.7.7)
      minitest (~> 5.1)
      thread_safe (~> 0.1)
      tzinfo (~> 1.1)
    cinch (2.1.0)
    i18n (0.6.11)
    json (1.8.1)
    minitest (5.4.0)
    retryable (1.3.5)
    thread_safe (0.3.4)
    tzinfo (1.2.1)
      thread_safe (~> 0.1)
    vlc-client (0.0.4)
      retryable (~> 1.3)

PLATFORMS
  ruby

DEPENDENCIES
  activesupport
  cinch
  vlc-client
